GEM
  remote: https://rubygems.org/
  specs:
    config_env (0.1.2)
    daemons (1.2.3)
    eventmachine (1.2.0.1)
    ffi (1.9.10)
    listen (3.1.3)
      rb-fsevent (~> 0.9, >= 0.9.7)
      rb-inotify (~> 0.9, >= 0.9.7)
      ruby_dep (~> 1.2)
    rack (1.6.4)
    rack-protection (1.5.3)
      rack
    rake (11.1.2)
    rb-fsevent (0.9.7)
    rb-inotify (0.9.7)
      ffi (>= 0.5.0)
    rerun (0.11.0)
      listen (~> 3.0)
    ruby_dep (1.2.0)
    sinatra (1.4.7)
      rack (~> 1.5)
      rack-protection (~> 1.4)
      tilt (>= 1.3, < 3)
    sinatra-flash (0.3.0)
      sinatra (>= 1.0.0)
    slim (3.0.6)
      temple (~> 0.7.3)
      tilt (>= 1.3.3, < 2.1)
    temple (0.7.6)
    thin (1.6.4)
      daemons (~> 1.0, >= 1.0.9)
      eventmachine (~> 1.0, >= 1.0.4)
      rack (~> 1.0)
    tilt (2.0.3)

PLATFORMS
  ruby

DEPENDENCIES
  config_env
  rake
  rerun
  sinatra
  sinatra-flash
  slim
  thin

RUBY VERSION
   ruby 2.3.1p112

BUNDLED WITH
   1.12.3
